PATH
  remote: .
  specs:
    simplekiq (2.0.0)
      activesupport (>= 3.2)
      sidekiq (~> 5.2)
      sidekiq-datadog (~> 0.4)

GEM
  remote: https://rubygems.org/
  specs:
    activesupport (5.2.2)
      concurrent-ruby (~> 1.0, >= 1.0.2)
      i18n (>= 0.7, < 2)
      minitest (~> 5.1)
      tzinfo (~> 1.1)
    coderay (1.1.2)
    concurrent-ruby (1.1.4)
    connection_pool (2.2.2)
    diff-lcs (1.3)
    dogstatsd-ruby (4.0.0)
    i18n (1.5.3)
      concurrent-ruby (~> 1.0)
    method_source (0.9.2)
    minitest (5.11.3)
    pry (0.12.2)
      coderay (~> 1.1.0)
      method_source (~> 0.9.0)
    rack (2.0.6)
    rack-protection (2.0.5)
      rack
    rake (10.5.0)
    redis (4.1.0)
    rspec (3.7.0)
      rspec-core (~> 3.7.0)
      rspec-expectations (~> 3.7.0)
      rspec-mocks (~> 3.7.0)
    rspec-core (3.7.1)
      rspec-support (~> 3.7.0)
    rspec-expectations (3.7.0)
      diff-lcs (>= 1.2.0, < 2.0)
      rspec-support (~> 3.7.0)
    rspec-mocks (3.7.0)
      diff-lcs (>= 1.2.0, < 2.0)
      rspec-support (~> 3.7.0)
    rspec-support (3.7.1)
    sidekiq (5.2.5)
      connection_pool (~> 2.2, >= 2.2.2)
      rack (>= 1.5.0)
      rack-protection (>= 1.5.0)
      redis (>= 3.3.5, < 5)
    sidekiq-datadog (0.4.1)
      dogstatsd-ruby (>= 3.3.0)
      sidekiq
    thread_safe (0.3.6)
    tzinfo (1.2.5)
      thread_safe (~> 0.1)

PLATFORMS
  ruby

DEPENDENCIES
  bundler (~> 1.17)
  pry (~> 0.12)
  rake (~> 10.0)
  rspec (~> 3.0)
  simplekiq!

BUNDLED WITH
   1.17.3
