PATH
  remote: .
  specs:
    simplekiq (3.1.2)
      activesupport (>= 3.2)
      chime-atlas (>= 3.2.2)
      dogstatsd-ruby (>= 3.3)
      sidekiq (~> 5.2)
      sidekiq-datadog (~> 0.4)

GEM
  remote: https://rubygems.org/
  remote: https://gem.fury.io/chime/
  specs:
    activesupport (5.2.3)
      concurrent-ruby (~> 1.0, >= 1.0.2)
      i18n (>= 0.7, < 2)
      minitest (~> 5.1)
      tzinfo (~> 1.1)
    analytics-ruby (2.2.6)
    byebug (11.0.0)
    chime-atlas (3.2.2)
      analytics-ruby (~> 2.2.6.pre)
      chime-dog (>= 1.1.1)
      dogstatsd-ruby (<= 3.3.0)
      dotenv (~> 2.2)
      flipper (~> 0.16)
      flipper-redis (~> 0.16)
      rack
      redis-failsafe-adapter (~> 1.0.1)
      redis-namespace
      request_store (> 1.1)
      rollbar (~> 2.15)
      statsd-ruby (~> 1.4)
      uuidtools (>= 2.1.5)
    chime-dog (1.1.4)
      dogstatsd-ruby (= 3.3.0)
    coderay (1.1.2)
    concurrent-ruby (1.1.5)
    connection_pool (2.2.2)
    diff-lcs (1.3)
    dogstatsd-ruby (3.3.0)
    dotenv (2.7.2)
    flipper (0.16.2)
    flipper-redis (0.16.2)
      flipper (~> 0.16.2)
      redis (>= 2.2, < 5)
    i18n (1.6.0)
      concurrent-ruby (~> 1.0)
    method_source (0.9.2)
    minitest (5.11.3)
    multi_json (1.13.1)
    pry (0.12.2)
      coderay (~> 1.1.0)
      method_source (~> 0.9.0)
    pry-byebug (3.7.0)
      byebug (~> 11.0)
      pry (~> 0.10)
    rack (2.0.7)
    rack-protection (2.0.5)
      rack
    rake (10.5.0)
    redis (4.1.0)
    redis-failsafe-adapter (1.0.1)
      flipper (~> 0.16)
      flipper-redis (~> 0.16)
      rack (~> 2.0)
    redis-namespace (1.6.0)
      redis (>= 3.0.4)
    request_store (1.4.1)
      rack (>= 1.4)
    rollbar (2.19.3)
      multi_json
    rspec (3.7.0)
      rspec-core (~> 3.7.0)
      rspec-expectations (~> 3.7.0)
      rspec-mocks (~> 3.7.0)
    rspec-core (3.7.1)
      rspec-support (~> 3.7.0)
    rspec-expectations (3.7.0)
      diff-lcs (>= 1.2.0, < 2.0)
      rspec-support (~> 3.7.0)
    rspec-mocks (3.7.0)
      diff-lcs (>= 1.2.0, < 2.0)
      rspec-support (~> 3.7.0)
    rspec-support (3.7.1)
    sidekiq (5.2.7)
      connection_pool (~> 2.2, >= 2.2.2)
      rack (>= 1.5.0)
      rack-protection (>= 1.5.0)
      redis (>= 3.3.5, < 5)
    sidekiq-datadog (0.4.1)
      dogstatsd-ruby (>= 3.3.0)
      sidekiq
    statsd-ruby (1.4.0)
    thread_safe (0.3.6)
    tzinfo (1.2.5)
      thread_safe (~> 0.1)
    uuidtools (2.1.5)

PLATFORMS
  ruby

DEPENDENCIES
  bundler (~> 1.17)
  pry-byebug (= 3.7.0)
  rake (~> 10.0)
  rspec (~> 3.0)
  simplekiq!

BUNDLED WITH
   1.17.3
